RESTRICTION: == netcoreapp2.1
NUGET
  remote: https://www.nuget.org/api/v2
    FSharp.Core (4.6.2)
    Suave (2.5.5)
      FSharp.Core (>= 4.3.4 < 5.0)

GROUP Build
NUGET
  remote: https://www.nuget.org/api/v2
    FAKE (5.8.4)
